GEM
  remote: https://rubygems.org/
  specs:
    activemodel (7.0.4.1)
      activesupport (= 7.0.4.1)
    activerecord (7.0.4.1)
      activemodel (= 7.0.4.1)
      activesupport (= 7.0.4.1)
    activesupport (7.0.4.1)
      concurrent-ruby (~> 1.0, >= 1.0.2)
      i18n (>= 1.6, < 2)
      minitest (>= 5.1)
      tzinfo (~> 2.0)
    addressable (2.8.1)
      public_suffix (>= 2.0.2, < 6.0)
    ast (2.4.2)
    bootsnap (1.15.0)
      msgpack (~> 1.2)
    coderay (1.1.3)
    concurrent-ruby (1.1.10)
    database_cleaner (2.0.1)
      database_cleaner-active_record (~> 2.0.0)
    database_cleaner-active_record (2.0.1)
      activerecord (>= 5.a)
      database_cleaner-core (~> 2.0.0)
    database_cleaner-core (2.0.1)
    diff-lcs (1.5.0)
    docile (1.4.0)
    erubis (2.7.0)
    ffi (1.15.5)
    govuk_app_config (0.1.0)
    i18n (1.12.0)
      concurrent-ruby (~> 1.0)
    json (2.6.2)
    kgio (2.11.4)
    listen (1.3.1)
      rb-fsevent (>= 0.9.3)
      rb-inotify (>= 0.9)
      rb-kqueue (>= 0.2)
    method_source (1.0.0)
    mini_portile2 (2.8.1)
    minitest (5.17.0)
    mr-sparkle (0.3.0)
      listen (~> 1.0)
      rb-fsevent (>= 0.9)
      rb-inotify (>= 0.8)
      unicorn (>= 4.5)
    msgpack (1.6.0)
    nokogiri (1.14.0)
      mini_portile2 (~> 2.8.0)
      racc (~> 1.4)
    nokogiri (1.14.0-x86_64-darwin)
      racc (~> 1.4)
    optic14n (2.1.0)
      addressable (~> 2.7)
    parallel (1.22.1)
    parser (3.1.3.0)
      ast (~> 2.4.1)
    pg (1.4.5)
    pry (0.14.2)
      coderay (~> 1.1)
      method_source (~> 1.0)
    public_suffix (5.0.0)
    racc (1.6.2)
    rack (2.2.6.2)
    rack-test (2.0.2)
      rack (>= 1.3)
    rainbow (3.1.1)
    raindrops (0.20.0)
    rake (13.0.6)
    rb-fsevent (0.11.2)
    rb-inotify (0.10.1)
      ffi (~> 1.0)
    rb-kqueue (0.2.8)
      ffi (>= 0.5.0)
    regexp_parser (2.6.1)
    rexml (3.2.5)
    rspec (3.12.0)
      rspec-core (~> 3.12.0)
      rspec-expectations (~> 3.12.0)
      rspec-mocks (~> 3.12.0)
    rspec-core (3.12.0)
      rspec-support (~> 3.12.0)
    rspec-expectations (3.12.0)
      diff-lcs (>= 1.2.0, < 2.0)
      rspec-support (~> 3.12.0)
    rspec-mocks (3.12.0)
      diff-lcs (>= 1.2.0, < 2.0)
      rspec-support (~> 3.12.0)
    rspec-support (3.12.0)
    rubocop (1.39.0)
      json (~> 2.3)
      parallel (~> 1.10)
      parser (>= 3.1.2.1)
      rainbow (>= 2.2.2, < 4.0)
      regexp_parser (>= 1.8, < 3.0)
      rexml (>= 3.2.5, < 4.0)
      rubocop-ast (>= 1.23.0, < 2.0)
      ruby-progressbar (~> 1.7)
      unicode-display_width (>= 1.4.0, < 3.0)
    rubocop-ast (1.23.0)
      parser (>= 3.1.1.0)
    rubocop-govuk (4.9.0)
      rubocop (= 1.39.0)
      rubocop-ast (= 1.23.0)
      rubocop-rails (= 2.17.3)
      rubocop-rake (= 0.6.0)
      rubocop-rspec (= 2.15.0)
    rubocop-rails (2.17.3)
      activesupport (>= 4.2.0)
      rack (>= 1.1)
      rubocop (>= 1.33.0, < 2.0)
    rubocop-rake (0.6.0)
      rubocop (~> 1.0)
    rubocop-rspec (2.15.0)
      rubocop (~> 1.33)
    ruby-progressbar (1.11.0)
    simplecov (0.22.0)
      docile (~> 1.1)
      simplecov-html (~> 0.11)
      simplecov_json_formatter (~> 0.1)
    simplecov-html (0.12.3)
    simplecov_json_formatter (0.1.4)
    tzinfo (2.0.5)
      concurrent-ruby (~> 1.0)
    unicode-display_width (2.3.0)
    unicorn (6.1.0)
      kgio (~> 2.6)
      raindrops (~> 0.7)

PLATFORMS
  ruby
  x86_64-darwin-20

DEPENDENCIES
  activerecord (= 7.0.4.1)
  bootsnap
  database_cleaner (= 2.0.1)
  erubis (= 2.7.0)
  govuk_app_config
  mr-sparkle (= 0.3.0)
  nokogiri (= 1.14.0)
  optic14n (= 2.1.0)
  pg
  pry
  rack (~> 2.2.6)
  rack-test (= 2.0.2)
  rake (= 13.0.6)
  rspec
  rubocop-govuk
  simplecov

BUNDLED WITH
   2.3.13
